GEM
  remote: https://rubygems.org/
  specs:
    awesome_print (1.9.2)

PLATFORMS
  arm64-darwin-23

DEPENDENCIES
  awesome_print

RUBY VERSION
   ruby 3.2.2p53

BUNDLED WITH
   2.4.19
